GEM
  remote: https://rubygems.org/
  specs:
    ast (2.3.0)
    binding_of_caller (0.7.2)
      debug_inspector (>= 0.0.1)
    coderay (1.1.2)
    debug_inspector (0.0.3)
    diff-lcs (1.3)
    git (1.3.0)
    git_clone_url (2.0.0)
      uri-ssh_git (>= 2.0)
    gitlab (4.3.0)
      httparty
      terminal-table
    gitlab-build-output (0.0.2)
      git (~> 1.3)
      git_clone_url (~> 2.0)
      gitlab (~> 4.0)
    httparty (0.15.6)
      multi_xml (>= 0.5.2)
    interception (0.5)
    method_source (0.9.0)
    multi_xml (0.6.0)
    parser (2.4.0.0)
      ast (~> 2.2)
    powerpack (0.1.1)
    pry (0.11.1)
      coderay (~> 1.1.0)
      method_source (~> 0.9.0)
    pry-rescue (1.4.5)
      interception (>= 0.5)
      pry
    pry-stack_explorer (0.4.9.2)
      binding_of_caller (>= 0.7)
      pry (>= 0.9.11)
    rainbow (2.2.2)
      rake
    rake (12.1.0)
    redcarpet (3.4.0)
    rspec (3.6.0)
      rspec-core (~> 3.6.0)
      rspec-expectations (~> 3.6.0)
      rspec-mocks (~> 3.6.0)
    rspec-core (3.6.0)
      rspec-support (~> 3.6.0)
    rspec-expectations (3.6.0)
      diff-lcs (>= 1.2.0, < 2.0)
      rspec-support (~> 3.6.0)
    rspec-mocks (3.6.0)
      diff-lcs (>= 1.2.0, < 2.0)
      rspec-support (~> 3.6.0)
    rspec-support (3.6.0)
    rubocop (0.48.1)
      parser (>= 2.3.3.1, < 3.0)
      powerpack (~> 0.1)
      rainbow (>= 1.99.1, < 3.0)
      ruby-progressbar (~> 1.7)
      unicode-display_width (~> 1.0, >= 1.0.1)
    ruby-progressbar (1.9.0)
    terminal-table (1.8.0)
      unicode-display_width (~> 1.1, >= 1.1.1)
    unicode-display_width (1.3.0)
    uri-ssh_git (2.0.0)
    yard (0.9.12)

PLATFORMS
  ruby

DEPENDENCIES
  gitlab-build-output (~> 0.0.2)
  pry (~> 0.11.1)
  pry-rescue (~> 1.4.5)
  pry-stack_explorer (~> 0.4.9.2)
  redcarpet (~> 3.4.0)
  rspec (~> 3.6.0)
  rubocop (= 0.48.1)
  yard (~> 0.9.12)

RUBY VERSION
   ruby 2.0.0p648

BUNDLED WITH
   1.15.4
