GIT
  remote: https://github.com/NARKOZ/gitlab.git
  revision: 9b24b85674b0ec13584a5f6a67436a0d6f1a833b
  specs:
    gitlab (3.7.0)
      httparty
      terminal-table (= 1.7.1)

GEM
  remote: https://rubygems.org/
  specs:
    git_clone_url (2.0.0)
      uri-ssh_git (>= 2.0)
    httparty (0.14.0)
      multi_xml (>= 0.5.2)
    multi_xml (0.6.0)
    terminal-table (1.7.1)
      unicode-display_width (~> 1.1.1)
    unicode-display_width (1.1.3)
    uri-ssh_git (2.0.0)

PLATFORMS
  ruby

DEPENDENCIES
  git_clone_url
  gitlab!

RUBY VERSION
   ruby 2.0.0p648

BUNDLED WITH
   1.14.4
